GIT
  remote: git://github.com/CalculatedContent/redis-caches.git
  revision: cadef06e726b379862b9b815948b45e8a03e55b2
  specs:
    redis-caches (0.1)
      hiredis (~> 0.4.5)
      redis (>= 3.0.3)
      redis-namespace (>= 1.2.1)

GIT
  remote: git://github.com/CalculatedContent/sourcify.git
  revision: 5767bd2a0c09315e623f1e96d3d3274657e4fcc1
  specs:
    sourcify (0.6.0.rc3)
      file-tail (~> 1.0.10)
      ruby2ruby (~> 1.3.1)
      ruby_parser (~> 2.3.1)
      sexp_processor (~> 3.2.0)

GIT
  remote: git://github.com/jrbapna/qless.git
  revision: 515cdc862a820248005efadc3e4f8b644562a441
  branch: master
  specs:
    qless (0.10.0.pre)
      redis (>= 2.2)

PATH
  remote: .
  specs:
    cloud-crawler (0.1)
      activesupport (~> 3.0.0)
      bloomfilter-rb (>= 2.1.1)
      bson_ext (>= 1.3.1)
      hiredis (~> 0.4.5)
      httparty
      i18n (>= 0.6.4)
      iconv (>= 1.0.3)
      nokogiri (>= 1.5.6)
      redis (>= 3.0.3)
      redis-namespace (>= 1.2.1)
      robotex (>= 1.0.0)
      thin
      trollop
      webrick (~> 1.3.1)

GEM
  remote: http://rubygems.org/
  specs:
    activesupport (3.0.20)
    bloomfilter-rb (2.1.1)
      redis
    bson (1.11.1)
    bson_ext (1.11.1)
      bson (~> 1.11.1)
    builder (3.2.2)
    childprocess (0.5.5)
      ffi (~> 1.0, >= 1.0.11)
    chronic (0.10.2)
    coderay (1.1.0)
    daemons (1.1.9)
    diff-lcs (1.2.5)
    eventmachine (1.0.3)
    excon (0.40.0)
    fakeweb (1.3.0)
    ffi (1.9.6)
    file-tail (1.0.12)
      tins (~> 0.5)
    fog (1.24.0)
      fog-brightbox
      fog-core (~> 1.23)
      fog-json
      fog-radosgw (>= 0.0.2)
      fog-sakuracloud (>= 0.0.4)
      fog-softlayer
      ipaddress (~> 0.5)
      nokogiri (~> 1.5, >= 1.5.11)
    fog-brightbox (0.6.1)
      fog-core (~> 1.22)
      fog-json
      inflecto
    fog-core (1.24.0)
      builder
      excon (~> 0.38)
      formatador (~> 0.2)
      mime-types
      net-scp (~> 1.1)
      net-ssh (>= 2.1.3)
    fog-json (1.0.0)
      multi_json (~> 1.0)
    fog-radosgw (0.0.3)
      fog-core (>= 1.21.0)
      fog-json
      fog-xml (>= 0.0.1)
    fog-sakuracloud (0.1.1)
      fog-core
      fog-json
    fog-softlayer (0.3.22)
      fog-core
      fog-json
    fog-xml (0.1.0)
      fog-core
      nokogiri (~> 1.5, >= 1.5.11)
    formatador (0.2.5)
    gem_logger (0.2.0)
      activesupport
    headless (1.0.2)
    hiredis (0.4.5)
    httparty (0.13.1)
      json (~> 1.8)
      multi_xml (>= 0.5.2)
    httpclient (2.5.1)
    i18n (0.6.11)
    iconv (1.0.4)
    inflecto (0.0.2)
    ipaddress (0.8.0)
    json (1.8.1)
    method_source (0.8.2)
    mime-types (2.4.3)
    mini_portile (0.6.0)
    multi_json (1.10.1)
    multi_xml (0.5.5)
    net-scp (1.2.1)
      net-ssh (>= 2.6.5)
    net-ssh (2.9.1)
    nokogiri (1.6.3.1)
      mini_portile (= 0.6.0)
    pry (0.10.1)
      coderay (~> 1.1.0)
      method_source (~> 0.8.1)
      slop (~> 3.4)
    pusher (0.14.2)
      httpclient (~> 2.4)
      multi_json (~> 1.0)
      signature (~> 0.1.6)
    qmore (0.7.0)
      gem_logger
      multi_json (~> 1.7)
      qless (~> 0.9)
    rack (1.5.2)
    rack-protection (1.5.3)
      rack
    rake (10.3.2)
    redis (3.1.0)
    redis-namespace (1.5.1)
      redis (~> 3.0, >= 3.0.4)
    robotex (1.0.0)
    rspec (3.1.0)
      rspec-core (~> 3.1.0)
      rspec-expectations (~> 3.1.0)
      rspec-mocks (~> 3.1.0)
    rspec-core (3.1.7)
      rspec-support (~> 3.1.0)
    rspec-expectations (3.1.2)
      diff-lcs (>= 1.2.0, < 2.0)
      rspec-support (~> 3.1.0)
    rspec-mocks (3.1.3)
      rspec-support (~> 3.1.0)
    rspec-support (3.1.2)
    ruby2ruby (1.3.1)
      ruby_parser (~> 2.0)
      sexp_processor (~> 3.0)
    ruby_parser (2.3.1)
      sexp_processor (~> 3.0)
    rubyzip (1.1.6)
    selenium-webdriver (2.43.0)
      childprocess (~> 0.5)
      multi_json (~> 1.0)
      rubyzip (~> 1.0)
      websocket (~> 1.0)
    sexp_processor (3.2.0)
    signature (0.1.7)
    sinatra (1.4.5)
      rack (~> 1.4)
      rack-protection (~> 1.4)
      tilt (~> 1.3, >= 1.3.4)
    slop (3.6.0)
    thin (1.6.3)
      daemons (~> 1.0, >= 1.0.9)
      eventmachine (~> 1.0)
      rack (~> 1.0)
    tilt (1.4.1)
    tins (0.13.2)
    trollop (2.0)
    vegas (0.1.11)
      rack (>= 1.0.0)
    webrick (1.3.1)
    websocket (1.2.1)
    whenever (0.9.3)
      chronic (>= 0.6.3)

PLATFORMS
  ruby

DEPENDENCIES
  cloud-crawler!
  fakeweb (>= 1.3.0)
  fog
  headless
  pry
  pusher
  qless!
  qmore
  rake (>= 10.0.0)
  redis-caches!
  rspec (>= 2.12.0)
  selenium-webdriver
  sinatra
  sourcify!
  vegas
  whenever
